GEM
  remote: https://rubygems.org/
  specs:
    couchrest (2.0.1)
      httpclient (~> 2.8)
      mime-types (>= 1.15)
      multi_json (~> 1.7)
    httpclient (2.8.3)
    libxml-ruby (3.1.0)
    mime-types (3.1)
      mime-types-data (~> 3.2015)
    mime-types-data (3.2016.0521)
    multi_json (1.13.1)

PLATFORMS
  ruby
  x86_64-darwin-17

DEPENDENCIES
  couchrest (= 2.0.1)
  libxml-ruby (= 3.1.0)

BUNDLED WITH
   1.16.3
