GEM
  remote: https://rubygems.org/
  specs:
    redis (4.0.1)

PLATFORMS
  ruby
  x86_64-darwin-17

DEPENDENCIES
  redis

BUNDLED WITH
   1.16.3
